GEM
  remote: http://rubygems.org/
  specs:
    actionmailer (2.3.8)
      actionpack (= 2.3.8)
    actionpack (2.3.8)
      activesupport (= 2.3.8)
      rack (~> 1.1.0)
    activerecord (2.3.8)
      activesupport (= 2.3.8)
    activeresource (2.3.8)
      activesupport (= 2.3.8)
    activesupport (2.3.8)
    gcal4ruby (0.5.5)
      gdata4ruby (>= 0.1.5)
    gchart (1.0.0)
    gdata4ruby (0.1.5)
    mime-types (1.16)
    pg (0.10.1)
    postgres (0.7.9.2008.01.28)
    postgres-pr (0.6.3)
    rack (1.1.2)
    rails (2.3.8)
      actionmailer (= 2.3.8)
      actionpack (= 2.3.8)
      activerecord (= 2.3.8)
      activeresource (= 2.3.8)
      activesupport (= 2.3.8)
      rake (>= 0.8.3)
    rake (0.8.7)
    rest-client (1.6.1)
      mime-types (>= 1.16)
    restful_authentication (1.1.6)
      rails (~> 2.3.4)

PLATFORMS
  ruby

DEPENDENCIES
  gcal4ruby
  gchart
  gdata4ruby
  pg
  postgres
  postgres-pr
  rails (= 2.3.8)
  rake
  rest-client
  restful_authentication
